GEM
  remote: https://rubygems.org/
  specs:
    chronic (0.10.2)
    coderay (1.1.2)
    method_source (0.9.0)
    mini_portile2 (2.3.0)
    nokogiri (1.8.4)
      mini_portile2 (~> 2.3.0)
    pry (0.11.3)
      coderay (~> 1.1.0)
      method_source (~> 0.9.0)
    whenever (0.10.0)
      chronic (>= 0.6.3)

PLATFORMS
  ruby

DEPENDENCIES
  nokogiri
  pry
  whenever

RUBY VERSION
   ruby 2.5.1p57

BUNDLED WITH
   1.16.2
